GIT
  remote: git://github.com/echen/table_helper.git
  revision: a756e56774e0a3a6182cdfc6773a86fd98d0b704
  specs:
    table_helper (0.2.2)

GIT
  remote: git://github.com/galetahub/simple-captcha.git
  revision: b8493942e9a9bb58c58712fa21d41963330da6aa
  specs:
    simple_captcha (0.1.1)

GIT
  remote: git://github.com/mconf/attachment_fu.git
  revision: 828ea99a2b6f101f63b5faac7068d2b4ad731e56
  specs:
    attachment_fu (1.0.3)
      aws-s3

GIT
  remote: git://github.com/mconf/bigbluebutton-api-ruby.git
  revision: ee6dc628433311a5b5f76382f6641f1ee6f2234c
  specs:
    bigbluebutton-api-ruby (0.1.0)
      xml-simple (>= 1.1.1)

GIT
  remote: git://github.com/mconf/bigbluebutton_rails.git
  revision: 5acf4c3cee52a9044c5fd1577c1fa89b5beaf5c2
  specs:
    bigbluebutton_rails (0.1.1)
      bigbluebutton-api-ruby (~> 0.1.0)
      rails (>= 3.0.0)

GIT
  remote: git://github.com/mconf/permalink_fu.git
  revision: a42f16a13ab1f7bf14256e57a8e0fe6c6f902bf9
  specs:
    teambox-permalink_fu (1.0.1)

GIT
  remote: git://github.com/mconf/translate.git
  revision: 66f8c7d16696b4b217cb91b4dc3c0e326340b2d3
  specs:
    translate-rails3 (0.1.1)
      ya2yaml (~> 0.30)

GIT
  remote: git://github.com/rmagick/rmagick.git
  revision: 4c3d6450483c3e761a1d3f9967b43c0a46d4763f
  specs:
    rmagick (0.0.0)

GEM
  remote: http://rubygems.org/
  specs:
    abstract (1.0.0)
    action_mailer_tls (1.1.3)
    actionmailer (3.0.11)
      actionpack (= 3.0.11)
      mail (~> 2.2.19)
    actionpack (3.0.11)
      activemodel (= 3.0.11)
      activesupport (= 3.0.11)
      builder (~> 2.1.2)
      erubis (~> 2.6.6)
      i18n (~> 0.5.0)
      rack (~> 1.2.1)
      rack-mount (~> 0.6.14)
      rack-test (~> 0.5.7)
      tzinfo (~> 0.3.23)
    activemodel (3.0.11)
      activesupport (= 3.0.11)
      builder (~> 2.1.2)
      i18n (~> 0.5.0)
    activerecord (3.0.11)
      activemodel (= 3.0.11)
      activesupport (= 3.0.11)
      arel (~> 2.0.10)
      tzinfo (~> 0.3.23)
    activeresource (3.0.11)
      activemodel (= 3.0.11)
      activesupport (= 3.0.11)
    activesupport (3.0.11)
    arel (2.0.10)
    atom-tools (2.0.5)
    aws-s3 (0.6.2)
      builder
      mime-types
      xml-simple
    builder (2.1.2)
    capistrano (2.6.0)
      highline
      net-scp (>= 1.0.0)
      net-sftp (>= 2.0.0)
      net-ssh (>= 2.0.14)
      net-ssh-gateway (>= 1.1.0)
    capistrano-ext (1.2.1)
      capistrano (>= 1.0.0)
    chronic (0.6.6)
    ci_reporter (1.6.4)
      builder (>= 2.1.2)
    color (1.4.1)
    crack (0.1.8)
    daemon_controller (0.2.6)
    daemons (1.1.4)
    delayed_job (2.1.4)
      activesupport (~> 3.0)
      daemons
    diff-lcs (1.1.2)
    dynamic_form (1.1.4)
    erubis (2.6.6)
      abstract (>= 1.0.0)
    exception_notification (2.4.1)
    factory_girl (1.3.3)
    fastthread (1.0.7)
    fckeditor (0.1.0)
    feed-normalizer (1.5.2)
      hpricot (>= 0.6)
      simple-rss (>= 1.1)
    ffaker (1.8.0)
    fuubar (0.0.5)
      rspec (~> 2.0)
      rspec-instafail (~> 0.1.4)
      ruby-progressbar (~> 0.0.10)
    garb (0.9.1)
      activesupport (>= 2.2.0)
      crack (>= 0.1.6)
    god (0.12.1)
    highline (1.6.2)
    hoe (2.9.4)
      rake (>= 0.8.7)
    hpricot (0.8.4)
    htmlentities (4.3.0)
    httparty (0.7.7)
      crack (= 0.1.8)
    i18n (0.5.0)
    i18n-js (2.1.2)
      i18n
    jquery-rails (1.0.9)
      railties (~> 3.0)
      thor (~> 0.14)
    json (1.6.4)
    mail (2.2.19)
      activesupport (>= 2.3.6)
      i18n (>= 0.4.0)
      mime-types (~> 1.16)
      treetop (~> 1.4.8)
    mime-types (1.17.2)
    mysql2 (0.2.7)
    net-scp (1.0.4)
      net-ssh (>= 1.99.1)
    net-sftp (2.0.5)
      net-ssh (>= 2.0.9)
    net-ssh (2.1.4)
    net-ssh-gateway (1.1.0)
      net-ssh (>= 1.99.1)
    nokogiri (1.4.1)
    passenger (3.0.11)
      daemon_controller (>= 0.2.5)
      fastthread (>= 1.0.1)
      rack
      rake (>= 0.8.1)
    pdf-writer (1.1.8)
      color (>= 1.4.0)
      transaction-simple (~> 1.3)
    polyglot (0.3.3)
    populator (1.0.0)
    prism (0.1.0)
      nokogiri
    rack (1.2.5)
    rack-mount (0.6.14)
      rack (>= 1.0.0)
    rack-test (0.5.7)
      rack (>= 1.0)
    rails (3.0.11)
      actionmailer (= 3.0.11)
      actionpack (= 3.0.11)
      activerecord (= 3.0.11)
      activeresource (= 3.0.11)
      activesupport (= 3.0.11)
      bundler (~> 1.0)
      railties (= 3.0.11)
    railties (3.0.11)
      actionpack (= 3.0.11)
      activesupport (= 3.0.11)
      rake (>= 0.8.7)
      rdoc (~> 3.4)
      thor (~> 0.14.4)
    rake (0.8.7)
    rcov (0.9.9)
    rdoc (3.12)
      json (~> 1.4)
    rspec (2.6.0)
      rspec-core (~> 2.6.0)
      rspec-expectations (~> 2.6.0)
      rspec-mocks (~> 2.6.0)
    rspec-core (2.6.3)
    rspec-expectations (2.6.0)
      diff-lcs (~> 1.1.2)
    rspec-instafail (0.1.7)
    rspec-mocks (2.6.0)
    rspec-rails (2.6.1)
      actionpack (~> 3.0)
      activesupport (~> 3.0)
      railties (~> 3.0)
      rspec (~> 2.6.0)
    ruby-openid (2.1.8)
    ruby-progressbar (0.0.10)
    rubyzip (0.9.4)
    shoulda-matchers (1.0.0.beta2)
    simple-rss (1.2.3)
    sqlite3 (1.3.3)
    sqlite3-ruby (1.3.3)
      sqlite3 (>= 1.3.3)
    thor (0.14.6)
    transaction-simple (1.4.0)
      hoe (>= 1.1.7)
    treetop (1.4.10)
      polyglot
      polyglot (>= 0.3.1)
    tzinfo (0.3.31)
    vpim (0.695)
    webrat (0.7.3)
      nokogiri (>= 1.2.0)
      rack (>= 1.0)
      rack-test (>= 0.5.3)
    whenever (0.7.2)
      activesupport (>= 2.3.4)
      chronic (~> 0.6.3)
    will_paginate (3.0.pre2)
    xml-simple (1.1.1)
    ya2yaml (0.30)
    yaml_db (0.2.1)

PLATFORMS
  ruby

DEPENDENCIES
  action_mailer_tls
  atom-tools
  attachment_fu!
  bigbluebutton-api-ruby!
  bigbluebutton_rails!
  capistrano (~> 2.5)
  capistrano-ext
  chronic
  ci_reporter
  delayed_job
  dynamic_form
  exception_notification
  factory_girl
  fckeditor
  feed-normalizer
  ffaker
  fuubar
  garb
  god (= 0.12.1)
  hoe
  hpricot
  htmlentities
  httparty
  i18n-js (~> 2.1.2)
  jquery-rails (>= 0.2.6)
  mysql2 (~> 0.2.0)
  nokogiri (= 1.4.1)
  passenger (= 3.0.11)
  pdf-writer
  populator
  prism
  rails (~> 3.0.3)
  rake (= 0.8.7)
  rcov
  rmagick!
  rspec-instafail
  rspec-rails (~> 2.5)
  ruby-openid
  rubyzip
  shoulda-matchers
  simple_captcha!
  sqlite3-ruby
  table_helper!
  teambox-permalink_fu!
  translate-rails3!
  vpim
  webrat
  whenever
  will_paginate (~> 3.0.pre2)
  yaml_db
